PATH
  remote: .
  specs:
    Theatre_Explorer (0.1.0)

GEM
  remote: https://rubygems.org/
  specs:
    coderay (1.1.3)
    method_source (1.0.0)
    pry (0.14.1)
      coderay (~> 1.1)
      method_source (~> 1.0)
    rake (13.0.3)

PLATFORMS
  x86_64-darwin-20

DEPENDENCIES
  Theatre_Explorer!
  pry
  rake (~> 13.0)

BUNDLED WITH
   2.2.17
